GEM
  remote: https://rubygems.org/
  specs:
    nyaplot (0.1.2)

PLATFORMS
  ruby

DEPENDENCIES
  nyaplot
